GIT
  remote: git://github.com/paxer/spree-heroku.git
  revision: c888406811c0f698d4dd9c63da84357c7f324c37
  specs:
    spree_heroku (1.0.0)
      spree_core (>= 0.60.0)

GIT
  remote: git://github.com/romul/spree_editor.git
  revision: b47e0e7cf5e4afaa556796b199f295d9f968c619
  specs:
    spree_editor (0.50.0)
      spree_core (>= 0.40.0)

GIT
  remote: git://github.com/spree/spree-product-assembly.git
  revision: 8624e20c3f259b7623e7b58d8bb817813e0eb507
  specs:
    spree_product_assembly (0.60.0)
      spree_core (>= 0.50.2)

GIT
  remote: git://github.com/spree/spree_paypal_express.git
  revision: 4dadc4ad67d52613f136cfda57ff291f5c2daf77
  specs:
    spree_paypal_express (1.0.1)
      spree_core (>= 0.40.3)

GEM
  remote: http://rubygems.org/
  specs:
    abstract (1.0.0)
    actionmailer (3.0.9)
      actionpack (= 3.0.9)
      mail (~> 2.2.19)
    actionpack (3.0.9)
      activemodel (= 3.0.9)
      activesupport (= 3.0.9)
      builder (~> 2.1.2)
      erubis (~> 2.6.6)
      i18n (~> 0.5.0)
      rack (~> 1.2.1)
      rack-mount (~> 0.6.14)
      rack-test (~> 0.5.7)
      tzinfo (~> 0.3.23)
    activemerchant (1.15.0)
      activesupport (>= 2.3.8)
      braintree (>= 2.0.0)
      builder (>= 2.0.0)
    activemodel (3.0.9)
      activesupport (= 3.0.9)
      builder (~> 2.1.2)
      i18n (~> 0.5.0)
    activerecord (3.0.9)
      activemodel (= 3.0.9)
      activesupport (= 3.0.9)
      arel (~> 2.0.10)
      tzinfo (~> 0.3.23)
    activeresource (3.0.9)
      activemodel (= 3.0.9)
      activesupport (= 3.0.9)
    activesupport (3.0.9)
    acts_as_list (0.1.2)
    addressable (2.2.6)
    arel (2.0.10)
    aws-s3 (0.6.2)
      builder
      mime-types
      xml-simple
    bcrypt-ruby (2.1.4-x86-mingw32)
    braintree (2.11.0)
      builder (>= 2.0.0)
    builder (2.1.2)
    cancan (1.6.4)
    devise (1.3.3)
      bcrypt-ruby (~> 2.1.2)
      orm_adapter (~> 0.0.3)
      warden (~> 1.0.3)
    erubis (2.6.6)
      abstract (>= 1.0.0)
    faker (0.9.5)
      i18n (~> 0.4)
    formtastic (1.2.4)
      actionpack (>= 2.3.7)
      activesupport (>= 2.3.7)
      i18n (~> 0.4)
    heroku (2.7.0)
      launchy (>= 0.3.2)
      rest-client (~> 1.6.1)
      rubyzip
      term-ansicolor (~> 1.0.5)
    highline (1.5.1)
    i18n (0.5.0)
    jquery-rails (0.2.6)
      rails (~> 3.0)
      thor (~> 0.14.4)
    launchy (2.0.5)
      addressable (~> 2.2.6)
    mail (2.2.19)
      activesupport (>= 2.3.6)
      i18n (>= 0.4.0)
      mime-types (~> 1.16)
      treetop (~> 1.4.8)
    meta_search (1.0.5)
      actionpack (~> 3.0.2)
      activerecord (~> 3.0.2)
      activesupport (~> 3.0.2)
      arel (~> 2.0.2)
    mime-types (1.16)
    nested_set (1.6.6)
      activerecord (>= 3.0.0)
      railties (>= 3.0.0)
    orm_adapter (0.0.5)
    paperclip (2.3.11)
      activerecord (>= 2.3.0)
      activesupport (>= 2.3.2)
    polyglot (0.3.2)
    rack (1.2.3)
    rack-mount (0.6.14)
      rack (>= 1.0.0)
    rack-test (0.5.7)
      rack (>= 1.0)
    rails (3.0.9)
      actionmailer (= 3.0.9)
      actionpack (= 3.0.9)
      activerecord (= 3.0.9)
      activeresource (= 3.0.9)
      activesupport (= 3.0.9)
      bundler (~> 1.0)
      railties (= 3.0.9)
    railties (3.0.9)
      actionpack (= 3.0.9)
      activesupport (= 3.0.9)
      rake (>= 0.8.7)
      rdoc (~> 3.4)
      thor (~> 0.14.4)
    rake (0.9.2)
    rd_find_by_param (0.1.1)
      activerecord (~> 3.0)
      activesupport (~> 3.0)
    rd_resource_controller (1.0.1)
    rd_unobtrusive_date_picker (0.1.0)
    rdoc (3.9.4)
    recaptcha (0.3.1)
    rest-client (1.6.7)
      mime-types (>= 1.16)
    rubyzip (0.9.4)
    spree (0.60.1)
      spree_api (= 0.60.1)
      spree_auth (= 0.60.1)
      spree_core (= 0.60.1)
      spree_dash (= 0.60.1)
      spree_promo (= 0.60.1)
      spree_sample (= 0.60.1)
    spree_affiliate (1.0.0)
      spree_auth (>= 0.40.0)
      spree_core (>= 0.40.0)
      spree_email_to_friend (>= 1.0.0)
      spree_store_credits (>= 1.0.0)
    spree_api (0.60.1)
      spree_auth (= 0.60.1)
      spree_core (= 0.60.1)
    spree_auth (0.60.1)
      cancan (= 1.6.4)
      devise (= 1.3.3)
      spree_core (= 0.60.1)
    spree_core (0.60.1)
      activemerchant (= 1.15.0)
      acts_as_list (= 0.1.2)
      faker (= 0.9.5)
      highline (= 1.5.1)
      jquery-rails (= 0.2.6)
      meta_search (= 1.0.5)
      nested_set (= 1.6.6)
      paperclip (= 2.3.11)
      rails (= 3.0.9)
      rd_find_by_param (= 0.1.1)
      rd_resource_controller
      rd_unobtrusive_date_picker (= 0.1.0)
      state_machine (= 0.9.4)
      stringex (= 1.0.3)
      will_paginate (= 3.0.pre2)
    spree_dash (0.60.1)
      spree_core (= 0.60.1)
    spree_email_to_friend (1.0.0)
      recaptcha (>= 0.3.1)
      spree_auth (>= 0.30.1)
      spree_core (>= 0.30.1)
    spree_promo (0.60.1)
      spree_core (= 0.60.1)
    spree_sample (0.60.1)
      spree_core (= 0.60.1)
    spree_static_content (0.60.1)
      formtastic (~> 1.2.3)
      spree_core (>= 0.60.0)
      spree_editor (>= 0.50.0)
    spree_store_credits (1.0.1)
      spree_core (>= 0.30.1)
    sqlite3 (1.3.4-x86-mingw32)
    state_machine (0.9.4)
    stringex (1.0.3)
    term-ansicolor (1.0.6)
    thor (0.14.6)
    treetop (1.4.10)
      polyglot
      polyglot (>= 0.3.1)
    tzinfo (0.3.29)
    warden (1.0.5)
      rack (>= 1.0)
    will_paginate (3.0.pre2)
    xml-simple (1.1.0)

PLATFORMS
  x86-mingw32

DEPENDENCIES
  aws-s3
  heroku
  rails
  spree
  spree_affiliate
  spree_editor!
  spree_email_to_friend
  spree_heroku (= 1.0.0)!
  spree_paypal_express!
  spree_product_assembly!
  spree_static_content
  spree_store_credits
  sqlite3
